PATH
  remote: .
  specs:
    redcloth-parslet (0.0.1)
      parslet (~> 1.2)

GEM
  remote: http://rubygems.org/
  specs:
    RedCloth (4.2.9)
    blankslate (2.1.2.4)
    coderay (1.0.9)
    diff-lcs (1.1.3)
    fuubar (1.0.0)
      rspec (~> 2.0)
      rspec-instafail (~> 0.2.0)
      ruby-progressbar (~> 0.0.10)
    method_source (0.8.2)
    parslet (1.4.0)
      blankslate (~> 2.0)
    pry (0.9.12.2)
      coderay (~> 1.0.5)
      method_source (~> 0.8)
      slop (~> 3.4)
    rake (13.0.1)
    rspec (2.10.0)
      rspec-core (~> 2.10.0)
      rspec-expectations (~> 2.10.0)
      rspec-mocks (~> 2.10.0)
    rspec-core (2.10.1)
    rspec-expectations (2.10.0)
      diff-lcs (~> 1.1.3)
    rspec-instafail (0.2.4)
    rspec-mocks (2.10.1)
    ruby-progressbar (0.0.10)
    slop (3.4.6)
    yard (0.8.2.1)

PLATFORMS
  ruby

DEPENDENCIES
  RedCloth
  fuubar
  pry
  rake
  redcloth-parslet!
  rspec (~> 2.0)
  yard
